GEM
  remote: https://rubygems.org/
  specs:
    thor (1.4.0)

PLATFORMS
  ruby

DEPENDENCIES
  thor

BUNDLED WITH
   2.6.9
